GEM
  remote: https://rubygems.org/
  specs:
    mini_portile2 (2.4.0)
    nokogiri (1.10.7)
      mini_portile2 (~> 2.4.0)
    nokogiri (1.10.7-x64-mingw32)
      mini_portile2 (~> 2.4.0)
    rainbow (3.0.0)

PLATFORMS
  ruby
  x64-mingw32

DEPENDENCIES
  nokogiri
  rainbow (>= 3.0.0)

BUNDLED WITH
   2.0.1
